GEM
  remote: https://rubygems.org/
  specs:
    everyday-menu (1.4.2)
    rake (10.4.2)

PLATFORMS
  ruby

DEPENDENCIES
  everyday-menu (~> 1.4, >= 1.4.2)
  rake

BUNDLED WITH
   1.10.6
